GEM
  remote: https://rubygems.org/
  specs:
    appraisal (2.1.0)
      bundler
      rake
      thor (>= 0.14.0)
    ast (2.2.0)
    citrus (3.0.2)
    descriptive_statistics (2.4.0)
    minitest (5.8.4)
    net-ssh (2.1.4)
    net-ssh-shell (0.2.0)
      net-ssh (~> 2.1.0)
    parser (2.3.1.0)
      ast (~> 2.2)
    powerpack (0.1.1)
    rainbow (2.1.0)
    rake (11.1.2)
    rubocop (0.40.0)
      parser (>= 2.3.1.0, < 3.0)
      powerpack (~> 0.1)
      rainbow (>= 1.99.1, < 3.0)
      ruby-progressbar (~> 1.7)
      unicode-display_width (~> 1.0, >= 1.0.1)
    ruby-progressbar (1.8.1)
    stackprof (0.2.9)
    thor (0.19.1)
    toml-rb (0.3.14)
      citrus (~> 3.0, > 3.0)
    unicode-display_width (1.0.5)

PLATFORMS
  ruby

DEPENDENCIES
  appraisal
  descriptive_statistics (~> 2.4.0)
  minitest (~> 5.8.4)
  net-ssh
  net-ssh-shell
  rake
  rubocop
  stackprof
  toml-rb

BUNDLED WITH
   1.12.3
