GEM
  remote: https://rubygems.org/
  specs:
    appraisal (2.1.0)
      bundler
      rake
      thor (>= 0.14.0)
    ast (2.2.0)
    byebug (8.2.4)
    citrus (3.0.2)
    coderay (1.1.1)
    descriptive_statistics (2.4.0)
    method_source (0.8.2)
    minitest (5.8.4)
    net-ssh (2.1.4)
    net-ssh-shell (0.2.0)
      net-ssh (~> 2.1.0)
    parser (2.3.1.0)
      ast (~> 2.2)
    powerpack (0.1.1)
    pry (0.10.3)
      coderay (~> 1.1.0)
      method_source (~> 0.8.1)
      slop (~> 3.4)
    pry-byebug (3.3.0)
      byebug (~> 8.0)
      pry (~> 0.10)
    rainbow (2.1.0)
    rake (11.1.2)
    rubocop (0.39.0)
      parser (>= 2.3.0.7, < 3.0)
      powerpack (~> 0.1)
      rainbow (>= 1.99.1, < 3.0)
      ruby-progressbar (~> 1.7)
      unicode-display_width (~> 1.0, >= 1.0.1)
    ruby-progressbar (1.8.0)
    slop (3.6.0)
    thor (0.19.1)
    toml-rb (0.3.14)
      citrus (~> 3.0, > 3.0)
    unicode-display_width (1.0.5)

PLATFORMS
  ruby

DEPENDENCIES
  appraisal
  descriptive_statistics (~> 2.4.0)
  minitest (~> 5.8.4)
  net-ssh
  net-ssh-shell
  pry
  pry-byebug
  rake
  rubocop
  toml-rb

BUNDLED WITH
   1.11.2
